PATH
  remote: .
  specs:
    geoengineer (0.1.2)
      aws-sdk (~> 2.2)
      colorize (~> 0.7)
      commander (~> 4.4)
      diffy (~> 3.0)
      netaddr (~> 1.5)
      parallel (~> 1.10)
      treetop (~> 1.6)

GEM
  remote: https://rubygems.org/
  specs:
    ast (2.3.0)
    aws-sdk (2.6.35)
      aws-sdk-resources (= 2.6.35)
    aws-sdk-core (2.6.35)
      aws-sigv4 (~> 1.0)
      jmespath (~> 1.0)
    aws-sdk-resources (2.6.35)
      aws-sdk-core (= 2.6.35)
    aws-sigv4 (1.0.0)
    byebug (9.0.6)
    coderay (1.1.1)
    colorize (0.8.1)
    commander (4.4.3)
      highline (~> 1.7.2)
    diff-lcs (1.2.5)
    diffy (3.1.0)
    highline (1.7.8)
    jmespath (1.3.1)
    method_source (0.8.2)
    netaddr (1.5.1)
    parallel (1.10.0)
    parser (2.3.1.4)
      ast (~> 2.2)
    polyglot (0.3.5)
    powerpack (0.1.1)
    pry (0.10.4)
      coderay (~> 1.1.0)
      method_source (~> 0.8.1)
      slop (~> 3.4)
    pry-byebug (3.4.0)
      byebug (~> 9.0)
      pry (~> 0.10)
    rainbow (2.1.0)
    rake (10.5.0)
    rspec (3.5.0)
      rspec-core (~> 3.5.0)
      rspec-expectations (~> 3.5.0)
      rspec-mocks (~> 3.5.0)
    rspec-core (3.5.2)
      rspec-support (~> 3.5.0)
    rspec-expectations (3.5.0)
      diff-lcs (>= 1.2.0, < 2.0)
      rspec-support (~> 3.5.0)
    rspec-mocks (3.5.0)
      diff-lcs (>= 1.2.0, < 2.0)
      rspec-support (~> 3.5.0)
    rspec-support (3.5.0)
    rubocop (0.45.0)
      parser (>= 2.3.1.1, < 3.0)
      powerpack (~> 0.1)
      rainbow (>= 1.99.1, < 3.0)
      ruby-progressbar (~> 1.7)
      unicode-display_width (~> 1.0, >= 1.0.1)
    ruby-progressbar (1.8.1)
    slop (3.6.0)
    treetop (1.6.8)
      polyglot (~> 0.3)
    unicode-display_width (1.1.1)
    yard (0.9.5)

PLATFORMS
  ruby

DEPENDENCIES
  geoengineer!
  pry-byebug (~> 3.4)
  rake (~> 10.4)
  rspec (~> 3.4)
  rubocop (~> 0.42)
  yard (~> 0.8)

RUBY VERSION
   ruby 2.3.3p222

BUNDLED WITH
   1.13.6
